GEM
  specs:
    bubble-wrap (1.1.4)

PLATFORMS
  ruby

DEPENDENCIES
  bubble-wrap
